GIT
  remote: https://github.com/bobtfish/hiera-puppet-helper.git
  revision: 5ed989a130bc62cc6bdb923596586284f0bd73df
  ref: 5ed989a130bc62cc6bdb923596586284f0bd73df
  specs:
    hiera-puppet-helper (2.0.1)

GEM
  remote: https://rubygems.org/
  specs:
    CFPropertyList (2.2.8)
    byebug (9.0.6)
    coderay (1.1.1)
    diff-lcs (1.2.5)
    docile (1.1.5)
    domain_name (0.5.20160615)
      unf (>= 0.0.5, < 1.0.0)
    facter (2.4.6)
      CFPropertyList (~> 2.2.6)
    hiera (1.3.4)
      json_pure
    http-cookie (1.0.2)
      domain_name (~> 0.5)
    json (1.8.3)
    json_pure (1.8.3)
    metaclass (0.0.4)
    method_source (0.8.2)
    mime-types (2.99.2)
    mocha (1.1.0)
      metaclass (~> 0.0.1)
    netrc (0.11.0)
    pry (0.10.4)
      coderay (~> 1.1.0)
      method_source (~> 0.8.1)
      slop (~> 3.4)
    pry-byebug (3.4.0)
      byebug (~> 9.0)
      pry (~> 0.10)
    puppet (3.7.5)
      facter (> 1.6, < 3)
      hiera (~> 1.0)
      json_pure
    puppet-blacksmith (3.4.0)
      puppet (>= 2.7.16)
      rest-client (~> 1.8.0)
    puppet-lint (2.0.0)
    puppet-syntax (2.1.0)
      rake
    puppetlabs_spec_helper (1.1.1)
      mocha
      puppet-lint
      puppet-syntax
      rake
      rspec-puppet
    rake (10.5.0)
    rest-client (1.8.0)
      http-cookie (>= 1.0.2, < 2.0)
      mime-types (>= 1.16, < 3.0)
      netrc (~> 0.7)
    rspec (3.1.0)
      rspec-core (~> 3.1.0)
      rspec-expectations (~> 3.1.0)
      rspec-mocks (~> 3.1.0)
    rspec-core (3.1.7)
      rspec-support (~> 3.1.0)
    rspec-expectations (3.1.2)
      diff-lcs (>= 1.2.0, < 2.0)
      rspec-support (~> 3.1.0)
    rspec-mocks (3.1.3)
      rspec-support (~> 3.1.0)
    rspec-puppet (2.4.0)
      rspec
    rspec-puppet-utils (2.2.1)
    rspec-support (3.1.2)
    simplecov (0.12.0)
      docile (~> 1.1.0)
      json (>= 1.8, < 3)
      simplecov-html (~> 0.10.0)
    simplecov-html (0.10.0)
    slop (3.6.0)
    unf (0.1.4)
      unf_ext
    unf_ext (0.0.7.2)

PLATFORMS
  ruby

DEPENDENCIES
  hiera
  hiera-puppet-helper!
  json (~> 1.8.3)
  json_pure (~> 1.8.3)
  pry
  pry-byebug
  puppet (~> 3.7.0)
  puppet-blacksmith
  puppet-lint
  puppet-syntax
  puppetlabs_spec_helper
  rake (< 11.0.0)
  rspec (< 3.2.0)
  rspec-core (= 3.1.7)
  rspec-puppet (~> 2.1)
  rspec-puppet-utils
  simplecov

BUNDLED WITH
   1.12.5
